GEM
  remote: https://rubygems.org/
  specs:
    agens (0.1.0)
      ai4r (~> 1.13)
      celluloid (~> 0.17.3)
      celluloid-supervision (~> 0.20.5)
    ai4r (1.13)
    celluloid (0.17.3)
      celluloid-essentials
      celluloid-extras
      celluloid-fsm
      celluloid-pool
      celluloid-supervision
      timers (>= 4.1.1)
    celluloid-essentials (0.20.5)
      timers (>= 4.1.1)
    celluloid-extras (0.20.5)
      timers (>= 4.1.1)
    celluloid-fsm (0.20.5)
      timers (>= 4.1.1)
    celluloid-pool (0.20.5)
      timers (>= 4.1.1)
    celluloid-supervision (0.20.5)
      timers (>= 4.1.1)
    hitimes (1.2.4)
    timers (4.1.1)
      hitimes

PLATFORMS
  ruby

DEPENDENCIES
  agens

BUNDLED WITH
   1.12.5
